PATH
  remote: .
  specs:
    freelancer_finder (0.1.2)
      colorize (~> 0.8.1)
      nokogiri (~> 1.10.4)

GEM
  remote: https://rubygems.org/
  specs:
    binding_of_caller (0.8.0)
      debug_inspector (>= 0.0.1)
    coderay (1.1.2)
    colorize (0.8.1)
    debug_inspector (0.0.3)
    equatable (0.6.1)
    method_source (0.9.2)
    mini_portile2 (2.4.0)
    necromancer (0.5.1)
    nokogiri (1.10.9)
      mini_portile2 (~> 2.4.0)
    pastel (0.7.3)
      equatable (~> 0.6)
      tty-color (~> 0.5)
    pry (0.12.2)
      coderay (~> 1.1.0)
      method_source (~> 0.9.0)
    pry-moves (0.1.12)
      binding_of_caller (~> 0.7)
      pry (>= 0.10.4, < 1)
    rake (13.0.1)
    tty-color (0.5.1)
    tty-cursor (0.7.1)
    tty-prompt (0.20.0)
      necromancer (~> 0.5.0)
      pastel (~> 0.7.0)
      tty-reader (~> 0.7.0)
    tty-reader (0.7.0)
      tty-cursor (~> 0.7)
      tty-screen (~> 0.7)
      wisper (~> 2.0.0)
    tty-screen (0.7.1)
    wisper (2.0.1)

PLATFORMS
  ruby

DEPENDENCIES
  bundler (~> 2.1.4)
  colorize
  freelancer_finder!
  nokogiri
  pry-moves
  rake (>= 12.3.3)
  tty-prompt (~> 0.20.0)

BUNDLED WITH
   2.1.4
